GEM
  remote: https://rubygems.org/
  specs:
    httparty (0.21.0)
      mini_mime (>= 1.0.0)
      multi_xml (>= 0.5.2)
    metaclass (0.0.4)
    mini_mime (1.1.2)
    minitest (5.11.3)
    minitest-matchers (1.4.1)
      minitest (~> 5.0)
    mocha (1.9.0)
      metaclass (~> 0.0.1)
    multi_xml (0.6.0)

PLATFORMS
  ruby

DEPENDENCIES
  httparty
  minitest
  minitest-matchers
  mocha

BUNDLED WITH
   1.17.3
